GEM
  remote: https://rubygems.org/
  specs:
    byebug (11.1.3)
    colorize (0.8.1)

PLATFORMS
  x64-mingw32

DEPENDENCIES
  byebug
  colorize

BUNDLED WITH
   2.2.15
